GEM
  remote: http://rubygems.org/
  specs:
    3scale_client (2.2.10)
      nokogiri
    daemons (1.1.8)
    eventmachine (0.12.10)
    grape (0.2.0)
      hashie (~> 1.2)
      multi_json
      multi_xml
      rack
      rack-mount
    hashie (1.2.0)
    json (1.7.3)
    multi_json (1.3.6)
    multi_xml (0.5.1)
    nokogiri (1.5.4)
    rack (1.4.1)
    rack-mount (0.8.3)
      rack (>= 1.0.0)
    thin (1.3.1)
      daemons (>= 1.0.9)
      eventmachine (>= 0.12.6)
      rack (>= 1.0.0)

PLATFORMS
  ruby

DEPENDENCIES
  3scale_client
  grape
  json
  rack
  thin
